GEM
  remote: http://rubygems.org/
  specs:
    diff-lcs (1.1.3)
    facter (1.6.8)
    puppet (2.6.16)
      facter (>= 1.5.1)
    puppet-lint (0.1.13)
    rspec (2.9.0)
      rspec-core (~> 2.9.0)
      rspec-expectations (~> 2.9.0)
      rspec-mocks (~> 2.9.0)
    rspec-core (2.9.0)
    rspec-expectations (2.9.1)
      diff-lcs (~> 1.1.3)
    rspec-mocks (2.9.0)
    rspec-puppet (0.1.3)
      rspec

PLATFORMS
  ruby

DEPENDENCIES
  puppet (~> 2.6.0)
  puppet-lint
  rspec-puppet
